GEM
  remote: http://rubygems.org/
  specs:
    atk (1.1.4-x86-mingw32)
      glib2 (>= 1.1.4)
    cairo (1.12.2-x86-mingw32)
      pkg-config
    gdk_pixbuf2 (1.1.4-x86-mingw32)
      glib2 (>= 1.1.4)
    git (1.2.5)
    glib2 (1.1.4-x86-mingw32)
      pkg-config
    gtk2 (1.1.4-x86-mingw32)
      atk (>= 1.1.4)
      gdk_pixbuf2 (>= 1.1.4)
      pango (>= 1.1.4)
    jeweler (1.8.4)
      bundler (~> 1.0)
      git (>= 1.2.5)
      rake
      rdoc
    json (1.7.3)
    multi_json (1.3.6)
    pango (1.1.4-x86-mingw32)
      cairo (>= 1.10.0)
      glib2 (>= 1.1.4)
    pkg-config (1.1.3)
    rake (0.9.2.2)
    rdoc (3.12)
      json (~> 1.4)
    simplecov (0.6.4)
      multi_json (~> 1.0)
      simplecov-html (~> 0.5.3)
    simplecov-html (0.5.3)
    sqlite3 (1.3.6-x86-mingw32)

PLATFORMS
  x86-mingw32

DEPENDENCIES
  bundler (~> 1.0.0)
  gtk2
  jeweler (~> 1.8.4)
  rdoc (~> 3.12)
  simplecov
  sqlite3
